GEM
  remote: http://rubygems.org/
  specs:
    coffee-script (2.2.0)
      coffee-script-source
      execjs
    coffee-script-source (1.1.1)
    execjs (1.2.1)
      multi_json (~> 1.0)
    ffi (1.0.11)
    guard (1.0.0)
      ffi (>= 0.5.0)
      thor (~> 0.14.6)
    guard-coffeescript (0.5.4)
      coffee-script (>= 2.2.0)
      guard (>= 0.8.3)
    multi_json (1.0.3)
    rb-fsevent (0.9.0)
    thor (0.14.6)

PLATFORMS
  ruby

DEPENDENCIES
  guard-coffeescript
  rb-fsevent
